GEM
  remote: https://rubygems.org/
  specs:
    daemons (1.1.9)
    eventmachine (1.0.3)
    hobbit (0.6.0)
      rack
    hobbit-contrib (0.7.0)
      hobbit
    rack (1.5.2)
    thin (1.6.2)
      daemons (>= 1.0.9)
      eventmachine (>= 1.0.0)
      rack (>= 1.0.0)
    tilt (2.0.1)

PLATFORMS
  ruby

DEPENDENCIES
  hobbit
  hobbit-contrib
  thin
  tilt
